GEM
  remote: https://rubygems.org/
  remote: http://rubygems.org/
  specs:
    rack (1.6.4)

PLATFORMS
  ruby

DEPENDENCIES
  rack

BUNDLED WITH
   1.11.2
